PATH
  remote: .
  specs:
    tfw (0.1.0)
      tfdsl (~> 0.1)

GEM
  remote: https://rubygems.org/
  specs:
    minitest (5.12.2)
    rake (10.5.0)
    tfdsl (0.1.1)

PLATFORMS
  ruby

DEPENDENCIES
  bundler (~> 1.17)
  minitest (~> 5.0)
  rake (~> 10.0)
  tfw!

BUNDLED WITH
   1.17.2
