PATH
  remote: .
  specs:
    tfw (0.1.10)
      tfdsl (= 0.1.7)

GEM
  remote: https://rubygems.org/
  specs:
    ast (2.4.0)
    coderay (1.1.2)
    coveralls (0.8.22)
      json (>= 1.8, < 3)
      simplecov (~> 0.16.1)
      term-ansicolor (~> 1.3)
      thor (~> 0.19.4)
      tins (~> 1.6)
    docile (1.3.1)
    jaro_winkler (1.5.4)
    json (2.1.0)
    method_source (0.9.2)
    minitest (5.12.2)
    parallel (1.19.1)
    parser (2.7.0.2)
      ast (~> 2.4.0)
    pry (0.12.2)
      coderay (~> 1.1.0)
      method_source (~> 0.9.0)
    rainbow (3.0.0)
    rake (13.0.1)
    rubocop (0.79.0)
      jaro_winkler (~> 1.5.1)
      parallel (~> 1.10)
      parser (>= 2.7.0.1)
      rainbow (>= 2.2.2, < 4.0)
      ruby-progressbar (~> 1.7)
      unicode-display_width (>= 1.4.0, < 1.7)
    ruby-progressbar (1.10.1)
    simplecov (0.16.1)
      docile (~> 1.1)
      json (>= 1.8, < 3)
      simplecov-html (~> 0.10.0)
    simplecov-html (0.10.2)
    term-ansicolor (1.7.1)
      tins (~> 1.0)
    tfdsl (0.1.7)
    thor (0.19.4)
    tins (1.20.2)
    unicode-display_width (1.6.1)

PLATFORMS
  ruby

DEPENDENCIES
  bundler (~> 1.17)
  coveralls (~> 0.8)
  minitest (~> 5.0)
  pry (~> 0.12)
  rake (~> 13.0)
  rubocop (~> 0.79)
  tfw!

BUNDLED WITH
   1.17.2
